PATH
  remote: .
  specs:
    oozby (0.4.3)
      amatch (>= 0.2.11)
      colored (>= 1.2)
      listen (< 1.10)
      thor (>= 0.18.1)

GEM
  remote: http://www.rubygems.org/
  specs:
    amatch (0.3.0)
      tins (~> 1.0)
    colored (1.2)
    ffi (1.9.3)
    listen (1.3.1)
      rb-fsevent (>= 0.9.3)
      rb-inotify (>= 0.9)
      rb-kqueue (>= 0.2)
    rb-fsevent (0.9.4)
    rb-inotify (0.9.4)
      ffi (>= 0.5.0)
    rb-kqueue (0.2.3)
      ffi (>= 0.5.0)
    thor (0.19.1)
    tins (1.3.0)

PLATFORMS
  ruby

DEPENDENCIES
  oozby!
